PATH
  remote: .
  specs:
    signalfx-mongodb-instrumentation (0.1.1)
      opentracing (~> 0.3)

GEM
  remote: https://rubygems.org/
  specs:
    appraisal (2.3.0)
      bundler
      rake
      thor (>= 0.14.0)
    bson (4.11.1)
    diff-lcs (1.4.4)
    mongo (2.6.4)
      bson (>= 4.3.0, < 5.0.0)
    opentracing (0.5.0)
    rake (10.5.0)
    rspec (3.10.0)
      rspec-core (~> 3.10.0)
      rspec-expectations (~> 3.10.0)
      rspec-mocks (~> 3.10.0)
    rspec-core (3.10.0)
      rspec-support (~> 3.10.0)
    rspec-expectations (3.10.0)
      diff-lcs (>= 1.2.0, < 2.0)
      rspec-support (~> 3.10.0)
    rspec-mocks (3.10.0)
      diff-lcs (>= 1.2.0, < 2.0)
      rspec-support (~> 3.10.0)
    rspec-support (3.10.0)
    signalfx_test_tracer (0.1.4)
      opentracing
    thor (1.0.1)

PLATFORMS
  ruby

DEPENDENCIES
  appraisal (~> 2.2)
  bundler (~> 2.1)
  mongo (~> 2.6.2)
  rake (~> 10.0)
  rspec (~> 3.0)
  signalfx-mongodb-instrumentation!
  signalfx_test_tracer (~> 0.1.3)

BUNDLED WITH
   2.1.4
